GEM
  remote: https://rubygems.org/

PLATFORMS
  ruby

DEPENDENCIES
  
BUNDLED WITH
   1.15.2